GEM
  remote: https://rubygems.org/
  specs:
    bcrypt (3.1.11-x64-mingw32)
    minitest (5.8.4)
    rake (11.1.2)
    sqlite3 (1.3.11)

PLATFORMS
  x64-mingw32

DEPENDENCIES
  bcrypt (~> 3.1.11)
  byebug
  minitest (~> 5.8.1)
  rake
  sqlite3 (~> 1.3.11)

BUNDLED WITH
   1.11.2
