GEM
  remote: https://rubygems.org/
  specs:
    bcrypt (3.1.11-x64-mingw32)
    minitest (5.8.4)
    rake (11.1.2)
    sqlite3 (1.3.11)
    thread_safe (0.3.5)
    tzinfo (1.2.2)
      thread_safe (~> 0.1)
    tzinfo-data (1.2016.3)
      tzinfo (>= 1.0.0)

PLATFORMS
  x64-mingw32

DEPENDENCIES
  bcrypt (~> 3.1.11)
  byebug
  minitest (~> 5.8.1)
  rake
  sqlite3 (~> 1.3.11)
  tzinfo (~> 1.2.2)
  tzinfo-data

BUNDLED WITH
   1.11.2
