GEM
  remote: https://rubygems.org/
  specs:
    bcrypt (3.1.11)
    bcrypt (3.1.11-x64-mingw32)
    byebug (11.1.3)
    minitest (5.8.4)
    rake (12.3.3)
    sqlite3 (1.3.11)
    sqlite3 (1.3.11-x64-mingw32)

PLATFORMS
  ruby
  x64-mingw32

DEPENDENCIES
  bcrypt (~> 3.1.11)
  byebug
  minitest (~> 5.8.1)
  rake
  sqlite3 (~> 1.3.11)

BUNDLED WITH
   1.11.2
